GIT
  remote: https://github.com/mike-bourgeous/mb-math.git
  revision: 4d1d0c165821f03ea1223acb6a304d5f6c7c2187
  specs:
    mb-math (0.2.2.usegit)
      bigdecimal (~> 3.1.8)
      cmath (~> 1.0.0)
      matrix (~> 0.4.2)
      mb-util (>= 0.1.21.usegit)
      numo-narray (~> 0.9.2.1)
      numo-pocketfft (~> 0.4.1)
      prime (~> 0.1.3)

GIT
  remote: https://github.com/mike-bourgeous/mb-util.git
  revision: cb21d328a7813cdc4be78795f2ccf5498e0ebca4
  specs:
    mb-util (0.1.22.usegit)

PATH
  remote: .
  specs:
    mb-color (0.0.1.pre.usegit)
      matrix (~> 0.4.2)

GEM
  remote: https://rubygems.org/
  specs:
    ast (2.4.2)
    bigdecimal (3.1.9)
    byebug (11.1.3)
    cmath (1.0.0)
    coderay (1.1.3)
    diff-lcs (1.6.0)
    forwardable (1.3.3)
    json (2.10.2)
    language_server-protocol (3.17.0.4)
    lint_roller (1.1.0)
    matrix (0.4.2)
    method_source (1.1.0)
    numo-narray (0.9.2.1)
    numo-pocketfft (0.4.1)
      numo-narray (>= 0.9.1)
    parallel (1.26.3)
    parser (3.3.7.1)
      ast (~> 2.4.1)
      racc
    prime (0.1.3)
      forwardable
      singleton
    pry (0.15.2)
      coderay (~> 1.1)
      method_source (~> 1.0)
    pry-byebug (3.8.0)
      byebug (~> 11.0)
      pry (~> 0.10)
    racc (1.8.1)
    rainbow (3.1.1)
    rake (13.2.1)
    regexp_parser (2.10.0)
    rspec (3.13.0)
      rspec-core (~> 3.13.0)
      rspec-expectations (~> 3.13.0)
      rspec-mocks (~> 3.13.0)
    rspec-core (3.13.3)
      rspec-support (~> 3.13.0)
    rspec-expectations (3.13.3)
      diff-lcs (>= 1.2.0, < 2.0)
      rspec-support (~> 3.13.0)
    rspec-mocks (3.13.2)
      diff-lcs (>= 1.2.0, < 2.0)
      rspec-support (~> 3.13.0)
    rspec-support (3.13.2)
    rubocop (1.74.0)
      json (~> 2.3)
      language_server-protocol (~> 3.17.0.2)
      lint_roller (~> 1.1.0)
      parallel (~> 1.10)
      parser (>= 3.3.0.2)
      rainbow (>= 2.2.2, < 4.0)
      regexp_parser (>= 2.9.3, < 3.0)
      rubocop-ast (>= 1.38.0, < 2.0)
      ruby-progressbar (~> 1.7)
      unicode-display_width (>= 2.4.0, < 4.0)
    rubocop-ast (1.38.1)
      parser (>= 3.3.1.0)
    rubocop-rspec (3.5.0)
      lint_roller (~> 1.1)
      rubocop (~> 1.72, >= 1.72.1)
    ruby-progressbar (1.13.0)
    singleton (0.3.0)
    unicode-display_width (3.1.4)
      unicode-emoji (~> 4.0, >= 4.0.4)
    unicode-emoji (4.0.4)

PLATFORMS
  x86_64-linux

DEPENDENCIES
  mb-color!
  mb-math!
  mb-util!
  pry (~> 0.15.2)
  pry-byebug (~> 3.8.0)
  rake (~> 13.0)
  rspec (~> 3.0)
  rubocop (~> 1.21)
  rubocop-rspec (~> 3.5.0)

BUNDLED WITH
   2.3.22
